GEM
  remote: http://rubygems.org/
  specs:
    ruby-dbus (0.7.2)

PLATFORMS
  ruby

DEPENDENCIES
  ruby-dbus
